GEM
  remote: https://rubygems.org/
  specs:
    bson (4.1.1)
    inifile (3.0.0)
    mongo (2.3.0)
      bson (~> 4.1)

PLATFORMS
  ruby

DEPENDENCIES
  inifile
  mongo (~> 2.2)

BUNDLED WITH
   1.12.5
